GEM
  remote: https://rubygems.org/
  specs:
    childprocess (3.0.0)
    ffi (1.13.1)
    ffi (1.13.1-x64-mingw32)
    httparty (0.18.1)
      mime-types (~> 3.0)
      multi_xml (>= 0.5.2)
    mime-types (3.3.1)
      mime-types-data (~> 3.2015)
    mime-types-data (3.2020.0512)
    multi_xml (0.6.0)
    nokogiri (1.12.5-x64-mingw32)
      racc (~> 1.4)
    nokogiri (1.12.5-x86_64-linux)
      racc (~> 1.4)
    racc (1.5.2)
    regexp_parser (1.7.1)
    rubyzip (2.3.0)
    selenium-webdriver (3.142.7)
      childprocess (>= 0.5, < 4.0)
      rubyzip (>= 1.2.2)
    watir (6.16.5)
      regexp_parser (~> 1.2)
      selenium-webdriver (~> 3.6)

PLATFORMS
  x64-mingw32
  x86_64-linux

DEPENDENCIES
  ffi
  httparty
  nokogiri
  watir

BUNDLED WITH
   2.1.4
